GEM
  remote: https://rubygems.org/
  specs:
    smarter_csv (1.1.0)

PLATFORMS
  ruby

DEPENDENCIES
  smarter_csv

BUNDLED WITH
   1.10.6
